GEM
  remote: https://rubygems.org/
  specs:
    ansible-vault (0.2.1)
      oroku_saki (~> 1.1)
    coderay (1.1.3)
    ffi (1.13.1)
    inifile (3.0.0)
    method_source (1.0.0)
    oroku_saki (1.1.1)
    pry (0.13.1)
      coderay (~> 1.1)
      method_source (~> 1.0)
    slack-notifier (2.3.2)
    sys-uname (1.2.1)
      ffi (>= 1.0.0)
    thor (1.0.1)

PLATFORMS
  ruby

DEPENDENCIES
  ansible-vault
  inifile
  pry
  slack-notifier
  sys-uname
  thor

BUNDLED WITH
   1.17.3
